GEM
  remote: https://rubygems.org/
  specs:
    dotenv (0.8.0)
    erubis (2.7.0)

PLATFORMS
  ruby

DEPENDENCIES
  dotenv
  erubis
